GEM
  remote: https://rubygems.org/
  specs:
    mocha (2.7.1)
      ruby2_keywords (>= 0.0.5)
    power_assert (2.0.5)
    ruby2_keywords (0.0.5)
    test-unit (3.6.8)
      power_assert

PLATFORMS
  arm64-darwin-24
  ruby

DEPENDENCIES
  mocha
  test-unit

BUNDLED WITH
   2.6.8
